GEM
  remote: http://gems.rubyforge.org/
  specs:
    activemodel (3.2.1)
      activesupport (= 3.2.1)
      builder (~> 3.0.0)
    activesupport (3.2.1)
      i18n (~> 0.6)
      multi_json (~> 1.0)
    ansi (1.4.2)
    bson (1.6.1)
    bson_ext (1.6.1)
      bson (~> 1.6.1)
    builder (3.0.0)
    haml (3.1.4)
    i18n (0.6.0)
    json (1.6.5)
    metaclass (0.0.1)
    mime-types (1.17.2)
    minitest (2.11.4)
    mocha (0.10.5)
      metaclass (~> 0.0.1)
    mongo (1.6.1)
      bson (~> 1.6.1)
    mongo_mapper (0.11.0)
      activemodel (~> 3.0)
      activesupport (~> 3.0)
      plucky (~> 0.4.0)
    multi_json (1.0.4)
    plucky (0.4.4)
      mongo (~> 1.5)
    rack (1.4.1)
    rack-protection (1.2.0)
      rack
    rake (0.9.2.2)
    redgreen (1.2.2)
    rest-client (1.6.7)
      mime-types (>= 1.16)
    sass (3.1.12)
    shotgun (0.9)
      rack (>= 1.0)
    sinatra (1.3.2)
      rack (~> 1.3, >= 1.3.6)
      rack-protection (~> 1.2)
      tilt (~> 1.3, >= 1.3.3)
    tilt (1.3.3)
    turn (0.9.4)
      ansi

PLATFORMS
  ruby

DEPENDENCIES
  bson (= 1.6.1)
  bson_ext (= 1.6.1)
  haml
  json (= 1.6.5)
  minitest
  mocha
  mongo (= 1.6.1)
  mongo_mapper (= 0.11.0)
  rake
  redgreen
  rest-client (= 1.6.7)
  sass
  shotgun
  sinatra (= 1.3.2)
  turn
